GIT
  remote: git://github.com/openstax/openstax_api.git
  revision: 27568f312d796ef730f777bbf604db1c6d4a94c6
  branch: fix/rails-3.2
  specs:
    openstax_api (6.1.4)
      doorkeeper (>= 2.0)
      exception_notification (>= 4.0)
      lev (>= 1.0.0)
      openstax_utilities (>= 4.2.0)
      rails (>= 3.1)
      representable (>= 2.0, < 2.3)
      responders
      roar (>= 1.0)
      roar-rails (>= 1.0)

GEM
  remote: https://rubygems.org/
  specs:
    action_interceptor (1.0.0)
      rails (>= 3.1)
    actionmailer (3.2.22)
      actionpack (= 3.2.22)
      mail (~> 2.5.4)
    actionpack (3.2.22)
      activemodel (= 3.2.22)
      activesupport (= 3.2.22)
      builder (~> 3.0.0)
      erubis (~> 2.7.0)
      journey (~> 1.0.4)
      rack (~> 1.4.5)
      rack-cache (~> 1.2)
      rack-test (~> 0.6.1)
      sprockets (~> 2.2.1)
    active_attr (0.9.0)
      activemodel (>= 3.0.2, < 5.1)
      activesupport (>= 3.0.2, < 5.1)
    activemodel (3.2.22)
      activesupport (= 3.2.22)
      builder (~> 3.0.0)
    activerecord (3.2.22)
      activemodel (= 3.2.22)
      activesupport (= 3.2.22)
      arel (~> 3.0.2)
      tzinfo (~> 0.3.29)
    activeresource (3.2.22)
      activemodel (= 3.2.22)
      activesupport (= 3.2.22)
    activesupport (3.2.22)
      i18n (~> 0.6, >= 0.6.4)
      multi_json (~> 1.0)
    addressable (2.4.0)
    apipie-rails (0.1.3)
      json
      rails (>= 3.0.10)
    arel (3.0.3)
    aws-ses (0.6.0)
      builder
      mail (> 2.2.5)
      mime-types
      xml-simple
    bcrypt-ruby (3.0.1)
    bootstrap-sass (3.1.1.1)
      sass (~> 3.2)
    builder (3.0.4)
    byebug (8.2.5)
    capybara (2.7.0)
      addressable
      mime-types (>= 1.16)
      nokogiri (>= 1.3.3)
      rack (>= 1.0.0)
      rack-test (>= 0.5.4)
      xpath (~> 2.0)
    capybara-email (2.5.0)
      capybara (~> 2.4)
      mail
    chunky_png (1.3.5)
    cliver (0.3.2)
    codeclimate-test-reporter (0.5.0)
      simplecov (>= 0.7.1, < 1.0.0)
    coffee-rails (3.2.2)
      coffee-script (>= 2.2.0)
      railties (~> 3.2.0)
    coffee-script (2.4.1)
      coffee-script-source
      execjs
    coffee-script-source (1.10.0)
    compass (1.0.3)
      chunky_png (~> 1.2)
      compass-core (~> 1.0.2)
      compass-import-once (~> 1.0.5)
      rb-fsevent (>= 0.9.3)
      rb-inotify (>= 0.9)
      sass (>= 3.3.13, < 3.5)
    compass-core (1.0.3)
      multi_json (~> 1.0)
      sass (>= 3.3.0, < 3.5)
    compass-import-once (1.0.5)
      sass (>= 3.2, < 3.5)
    compass-rails (3.0.2)
      compass (~> 1.0.0)
      sass-rails (< 5.1)
      sprockets (< 4.0)
    coveralls (0.8.13)
      json (~> 1.8)
      simplecov (~> 0.11.0)
      term-ansicolor (~> 1.3)
      thor (~> 0.19.1)
      tins (~> 1.6.0)
    css_parser (1.4.1)
      addressable
    daemons (1.2.3)
    delayed_job (4.1.1)
      activesupport (>= 3.0, < 5.0)
    delayed_job_active_record (4.1.0)
      activerecord (>= 3.0, < 5)
      delayed_job (>= 3.0, < 5)
    diff-lcs (1.2.5)
    diffy (3.1.0)
    docile (1.1.5)
    doorkeeper (2.2.0)
      railties (>= 3.2)
    erubis (2.7.0)
    eventmachine (1.2.0.1)
    exception_notification (4.1.1)
      actionmailer (>= 3.0.4)
      activesupport (>= 3.0.4)
    execjs (2.6.0)
    factory_girl (4.7.0)
      activesupport (>= 3.0.0)
    factory_girl_rails (4.7.0)
      factory_girl (~> 4.7.0)
      railties (>= 3.0.0)
    faraday (0.9.2)
      multipart-post (>= 1.2, < 3)
    ffi (1.9.10)
    fine_print (3.1.0)
      action_interceptor (>= 1.0)
      jquery-rails
      rails (>= 3.1)
      responders
      squeel
    font-awesome-rails (4.6.1.0)
      railties (>= 3.2, < 5.1)
    hashie (3.4.4)
    hike (1.2.3)
    htmlentities (4.3.4)
    i18n (0.7.0)
    jbuilder (2.4.1)
      activesupport (>= 3.0.0, < 5.1)
      multi_json (~> 1.2)
    journey (1.0.4)
    jquery-rails (3.1.4)
      railties (>= 3.0, < 5.0)
      thor (>= 0.14, < 2.0)
    json (1.8.3)
    jwt (1.5.1)
    keyword_search (1.5.0)
    kgio (2.10.0)
    lev (2.2.1)
      actionpack (>= 3.0)
      active_attr
      activemodel (>= 3.0)
      activerecord (>= 3.0)
      hashie
      transaction_isolation
      transaction_retry
    libv8 (3.16.14.15)
    lograge (0.3.6)
      actionpack (>= 3)
      activesupport (>= 3)
      railties (>= 3)
    mail (2.5.4)
      mime-types (~> 1.16)
      treetop (~> 1.4.8)
    maruku (0.7.2)
    mime-types (1.25.1)
    mime-types-data (3.2016.0221)
    mini_portile2 (2.0.0)
    multi_json (1.11.3)
    multi_xml (0.5.5)
    multipart-post (2.0.0)
    nokogiri (1.6.7.2)
      mini_portile2 (~> 2.0.0.rc2)
    oauth (0.5.1)
    oauth2 (1.1.0)
      faraday (>= 0.8, < 0.10)
      jwt (~> 1.0, < 1.5.2)
      multi_json (~> 1.3)
      multi_xml (~> 0.5)
      rack (>= 1.2, < 3)
    omniauth (1.3.1)
      hashie (>= 1.2, < 4)
      rack (>= 1.0, < 3)
    omniauth-facebook (3.0.0)
      omniauth-oauth2 (~> 1.2)
    omniauth-google-oauth2 (0.4.0)
      jwt (~> 1.5.0)
      multi_json (~> 1.3)
      omniauth (>= 1.1.1)
      omniauth-oauth2 (>= 1.3.1)
    omniauth-identity (1.1.1)
      bcrypt-ruby (~> 3.0)
      omniauth (~> 1.0)
    omniauth-oauth (1.1.0)
      oauth
      omniauth (~> 1.0)
    omniauth-oauth2 (1.4.0)
      oauth2 (~> 1.0)
      omniauth (~> 1.2)
    omniauth-twitter (1.2.1)
      json (~> 1.3)
      omniauth-oauth (~> 1.1)
    openstax_rescue_from (1.5.0)
      exception_notification (>= 4.1, < 5.0)
      rails (>= 3.1, < 5.0)
    openstax_utilities (4.2.3)
      keyword_search
      lev
      rails (>= 3.1)
    p3p (1.2.0)
      rack
    pg (0.18.4)
    poltergeist (1.9.0)
      capybara (~> 2.1)
      cliver (~> 0.3.1)
      multi_json (~> 1.0)
      websocket-driver (>= 0.2.0)
    polyamorous (1.1.0)
      activerecord (>= 3.0)
    polyglot (0.3.5)
    power_assert (0.2.7)
    premailer (1.8.6)
      css_parser (>= 1.3.6)
      htmlentities (>= 4.0.0)
    premailer-rails (1.9.2)
      actionmailer (>= 3, < 6)
      premailer (~> 1.7, >= 1.7.9)
    quiet_assets (1.1.0)
      railties (>= 3.1, < 5.0)
    rack (1.4.7)
    rack-cache (1.6.1)
      rack (>= 0.4)
    rack-ssl (1.3.4)
      rack
    rack-test (0.6.3)
      rack (>= 1.0)
    rails (3.2.22)
      actionmailer (= 3.2.22)
      actionpack (= 3.2.22)
      activerecord (= 3.2.22)
      activeresource (= 3.2.22)
      activesupport (= 3.2.22)
      bundler (~> 1.0)
      railties (= 3.2.22)
    railties (3.2.22)
      actionpack (= 3.2.22)
      activesupport (= 3.2.22)
      rack-ssl (~> 1.3.2)
      rake (>= 0.8.7)
      rdoc (~> 3.4)
      thor (>= 0.14.6, < 2.0)
    raindrops (0.16.0)
    rake (11.1.2)
    rb-fsevent (0.9.7)
    rb-inotify (0.9.7)
      ffi (>= 0.5.0)
    rdoc (3.12.2)
      json (~> 1.4)
    ref (2.0.0)
    representable (2.1.8)
      multi_json
      nokogiri
      uber (~> 0.0.7)
    responders (1.1.2)
      railties (>= 3.2, < 4.2)
    roar (1.0.4)
      representable (>= 2.0.1, < 2.4.0)
    roar-rails (1.0.1)
      actionpack
      railties (>= 3.0.0)
      responders
      roar (>= 1.0.0, <= 1.1.0)
      test_xml (>= 0.1.6)
      uber (>= 0.0.5)
    rspec-core (3.4.4)
      rspec-support (~> 3.4.0)
    rspec-expectations (3.4.0)
      diff-lcs (>= 1.2.0, < 2.0)
      rspec-support (~> 3.4.0)
    rspec-mocks (3.4.1)
      diff-lcs (>= 1.2.0, < 2.0)
      rspec-support (~> 3.4.0)
    rspec-rails (3.4.2)
      actionpack (>= 3.0, < 4.3)
      activesupport (>= 3.0, < 4.3)
      railties (>= 3.0, < 4.3)
      rspec-core (~> 3.4.0)
      rspec-expectations (~> 3.4.0)
      rspec-mocks (~> 3.4.0)
      rspec-support (~> 3.4.0)
    rspec-support (3.4.1)
    sass (3.4.22)
    sass-rails (3.2.6)
      railties (~> 3.2.0)
      sass (>= 3.1.10)
      tilt (~> 1.3)
    schema_plus (1.7.1)
      activerecord (>= 3.2)
      valuable
    shoulda-matchers (2.8.0)
      activesupport (>= 3.0.0)
    simplecov (0.11.2)
      docile (~> 1.1.0)
      json (~> 1.8)
      simplecov-html (~> 0.10.0)
    simplecov-html (0.10.0)
    smarter_csv (1.1.0)
    sprockets (2.2.3)
      hike (~> 1.2)
      multi_json (~> 1.0)
      rack (~> 1.0)
      tilt (~> 1.1, != 1.3.0)
    squeel (1.2.3)
      activerecord (>= 3.0)
      activesupport (>= 3.0)
      polyamorous (~> 1.1.0)
    term-ansicolor (1.3.2)
      tins (~> 1.0)
    test-unit (3.1.8)
      power_assert
    test_xml (0.1.7)
      diffy (~> 3.0)
      nokogiri (>= 1.3.2)
    therubyracer (0.12.2)
      libv8 (~> 3.16.14.0)
      ref
    thin (1.6.4)
      daemons (~> 1.0, >= 1.0.9)
      eventmachine (~> 1.0, >= 1.0.4)
      rack (~> 1.0)
    thor (0.19.1)
    tilt (1.4.1)
    tins (1.6.0)
    transaction_isolation (1.0.3)
      activerecord (>= 3.0.11)
    transaction_retry (1.0.2)
      activerecord (>= 3.0.11)
      transaction_isolation (>= 1.0.2)
    treetop (1.4.15)
      polyglot
      polyglot (>= 0.3.1)
    tzinfo (0.3.49)
    uber (0.0.15)
    uglifier (3.0.0)
      execjs (>= 0.3.0, < 3)
    unicorn (5.1.0)
      kgio (~> 2.6)
      raindrops (~> 0.7)
    valuable (0.9.12)
    websocket-driver (0.6.3)
      websocket-extensions (>= 0.1.0)
    websocket-extensions (0.1.2)
    xml-simple (1.1.5)
    xpath (2.0.0)
      nokogiri (~> 1.3)

PLATFORMS
  ruby

DEPENDENCIES
  action_interceptor (~> 1.0.0)
  apipie-rails (~> 0.1.2)
  aws-ses (~> 0.6.0)
  bcrypt-ruby (~> 3.0.0)
  bootstrap-sass (~> 3.1.1)
  byebug
  capybara
  capybara-email
  codeclimate-test-reporter
  coffee-rails (~> 3.2.1)
  compass-rails
  coveralls
  delayed_job_active_record
  doorkeeper (= 2.2)
  factory_girl_rails
  fine_print (~> 3.1.0)
  font-awesome-rails
  jbuilder
  jquery-rails
  keyword_search (~> 1.5.0)
  lev (~> 2.2.0)
  lograge
  maruku
  omniauth
  omniauth-facebook
  omniauth-google-oauth2
  omniauth-identity
  omniauth-twitter
  openstax_api!
  openstax_rescue_from (~> 1.5.0)
  openstax_utilities
  p3p
  pg
  poltergeist
  premailer-rails
  quiet_assets
  rails (= 3.2.22)
  representable (~> 2.1.3)
  rspec-rails (~> 3.0)
  sass-rails (~> 3.2.6)
  schema_plus (~> 1.7.1)
  shoulda-matchers
  smarter_csv
  squeel
  test-unit
  therubyracer
  thin
  uglifier (>= 1.0.3)
  unicorn

BUNDLED WITH
   1.11.2
